GEM
  remote: https://rubygems.org/
  specs:
    coderay (1.1.3)
    connection_pool (2.3.0)
    method_source (1.0.0)
    pry (0.14.1)
      coderay (~> 1.1)
      method_source (~> 1.0)
    rack (3.0.0)
    rack-protection (3.0.1)
      rack
    redis (5.0.5)
      redis-client (>= 0.9.0)
    redis-client (0.9.0)
      connection_pool
    sidekiq (6.0.4)
      connection_pool (>= 2.2.2)
      rack (>= 2.0.0)
      rack-protection (>= 2.0.0)
      redis (>= 4.1.0)

PLATFORMS
  arm64-darwin-21

DEPENDENCIES
  pry (~> 0.14.1)
  rack (~> 3.0)
  redis (~> 5.0)
  sidekiq (~> 6.0)

BUNDLED WITH
   2.3.21
